GEM
  remote: http://rubygems.org/
  specs:
    ZenTest (4.4.0)
    activesupport (2.3.5)
    aruba (0.2.1)
    builder (2.1.2)
    caleb-chronic (0.3.0)
    columnize (0.3.1)
    configuration (1.1.0)
    crack (0.1.8)
    cucumber (0.8.5)
      builder (~> 2.1.2)
      diff-lcs (~> 1.1.2)
      gherkin (~> 2.1.4)
      json_pure (~> 1.4.3)
      term-ansicolor (~> 1.0.4)
    diff-lcs (1.1.2)
    fakeweb (1.2.8)
    gemcutter (0.6.1)
    gherkin (2.1.5)
      trollop (~> 1.16.2)
    gli (1.1.1)
    grit (2.0.0)
      diff-lcs (>= 1.1.2)
      mime-types (>= 1.15)
    haml (2.2.24)
    hanna (0.1.12)
      haml (~> 2.2.8)
      rake (~> 0.8.2)
      rdoc (~> 2.3.0)
    hoe (2.5.0)
      gemcutter (>= 0.2.1)
      rake (>= 0.8.7)
      rubyforge (>= 2.0.3)
    hoe-git (1.3.0)
      hoe (>= 2.2.0)
    httparty (0.6.1)
      crack (= 0.1.8)
    json_pure (1.4.6)
    launchy (0.3.7)
      configuration (>= 0.0.5)
      rake (>= 0.8.1)
    linecache (0.43)
    mime-types (1.16)
    rake (0.8.7)
    rdoc (2.3.0)
    rspec (1.3.0)
    rubigen (1.5.5)
      activesupport (~> 2.3.5)
    ruby-debug (0.10.3)
      columnize (>= 0.1)
      ruby-debug-base (~> 0.10.3.0)
    ruby-debug-base (0.10.3)
      linecache (>= 0.3)
    rubyforge (2.0.4)
      json_pure (>= 1.1.7)
    term-ansicolor (1.0.5)
    trollop (1.16.2)

PLATFORMS
  ruby

DEPENDENCIES
  ZenTest
  activesupport (= 2.3.5)
  aruba (= 0.2.1)
  caleb-chronic (= 0.3.0)
  crack (= 0.1.8)
  cucumber (= 0.8.5)
  fakeweb (= 1.2.8)
  gherkin (= 2.1.5)
  gli (= 1.1.1)
  grit (= 2.0)
  hanna (= 0.1.12)
  hoe (= 2.5.0)
  hoe-git (= 1.3.0)
  httparty (= 0.6.1)
  launchy (= 0.3.7)
  rake (= 0.8.7)
  rspec (= 1.3.0)
  rubigen (= 1.5.5)
  ruby-debug
